PATH
  remote: .
  specs:
    kramdown (1.5.0)

GEM
  remote: https://rubygems.org/
  specs:
    coderay (1.0.9)
    itextomml (1.5.2)
    minitest (5.5.1)
    pdf-core (0.1.6)
    prawn (0.15.0)
      pdf-core (~> 0.1.3)
      ttfunk (~> 1.1.0)
    ritex (1.0.1)
    rouge (1.8.0)
    stringex (1.5.1)
    ttfunk (1.1.1)

PLATFORMS
  ruby

DEPENDENCIES
  coderay (~> 1.0.0)
  itextomml (~> 1.5)
  kramdown!
  minitest (~> 5.0)
  prawn (~> 0.13)
  ritex (~> 1.0)
  rouge (~> 1.8)
  stringex (~> 1.5.1)
